GEM
  remote: http://rubygems.org/
  specs:
    RubySunrise (0.3)
      tzinfo
    colorize (0.5.8)
    fastimage (1.4.0)
    tzinfo (1.0.1)

PLATFORMS
  ruby

DEPENDENCIES
  RubySunrise
  colorize
  fastimage
  tzinfo
