GEM
  remote: http://rubygems.org/
  specs:
    RubySunrise (0.2)
    tzinfo (0.3.32)

PLATFORMS
  ruby

DEPENDENCIES
  RubySunrise
  tzinfo
