GEM
  remote: http://rubygems.org/
  specs:
    RubySunrise (0.3)
      tzinfo
    colorize (0.5.8)
    tzinfo (0.3.35)

PLATFORMS
  ruby

DEPENDENCIES
  RubySunrise
  colorize
  tzinfo
