GEM
  remote: http://rubygems.org/
  specs:
    RubySunrise (0.3)
      tzinfo
    colorize (0.5.8)
    fastimage (1.3.0)
    tzinfo (0.3.37)

PLATFORMS
  ruby

DEPENDENCIES
  RubySunrise
  colorize
  fastimage
  tzinfo
