GEM
  remote: http://rubygems.org/
  specs:
    RubySunrise (0.3)
      tzinfo
    addressable (2.3.5)
    atomic (1.1.14)
    colorize (0.6.0)
    fastimage (1.5.3)
      addressable (~> 2.3, >= 2.3.5)
    thread_safe (0.1.3)
      atomic
    tzinfo (1.1.0)
      thread_safe (~> 0.1)

PLATFORMS
  ruby

DEPENDENCIES
  RubySunrise
  colorize
  fastimage
  tzinfo
