GEM
  remote: http://rubygems.org/
  specs:
    RubySunrise (0.3)
      tzinfo
    activesupport (4.2.0)
      i18n (~> 0.7)
      json (~> 1.7, >= 1.7.7)
      minitest (~> 5.1)
      thread_safe (~> 0.3, >= 0.3.4)
      tzinfo (~> 1.1)
    addressable (2.3.6)
    colorize (0.7.5)
    fastimage (1.6.6)
      addressable (~> 2.3, >= 2.3.5)
    hello_server_client (0.1.1)
      ohm
      ohm-contrib
    hiredis (0.5.2)
    i18n (0.7.0)
    json (1.8.1)
    minitest (5.5.0)
    msgpack (0.5.9)
    nido (0.0.1)
    ohm (2.0.1)
      msgpack
      nido
      redic
    ohm-contrib (2.0.1)
      ohm (~> 2.0)
    redic (1.1.1)
      hiredis
    thread_safe (0.3.4)
    tzinfo (1.2.2)
      thread_safe (~> 0.1)
    xxhash (0.2.0)

PLATFORMS
  ruby

DEPENDENCIES
  RubySunrise
  activesupport
  colorize
  fastimage
  hello_server_client
  tzinfo
  xxhash
